PATH
  remote: .
  specs:
    bunchcli (1.1.4)

GEM
  remote: https://rubygems.org/
  specs:
    rake (12.3.3)
    term-colorizer (0.2.1)

PLATFORMS
  x86_64-darwin-19

DEPENDENCIES
  bunchcli!
  rake (~> 12.0)
  term-colorizer

BUNDLED WITH
   2.2.4
